GEM
  remote: https://rubygems.org/
  specs:
    artii (2.1.2)
    io-console (0.4.7)

PLATFORMS
  ruby

DEPENDENCIES
  artii
  io-console

BUNDLED WITH
   2.0.1
